PATH
  remote: ./packages/librarian_plugin_shopify
  specs:
    librarian_plugin_shopify (0.0.1)
      yard

GEM
  remote: https://rubygems.org/
  specs:
    yard (0.8.7.6)

PLATFORMS
  ruby

DEPENDENCIES
  librarian_plugin_shopify!

BUNDLED WITH
   1.11.2
